GEM
  remote: http://rubygems.org/
  specs:
    awesome_print (1.0.2)
    ffi (1.0.11)
    libarchive (0.1.2)
    mime-types (1.17.2)
    nokogiri (1.5.0)
    rb-inotify (0.8.8)
      ffi (>= 0.5.0)
    rest-client (1.6.1)
      mime-types (>= 1.16)

PLATFORMS
  ruby

DEPENDENCIES
  awesome_print
  libarchive
  nokogiri
  rb-inotify
  rest-client
